{
	"Modality": "MR",
	"MagneticFieldStrength": 3,
	"Manufacturer": "Siemens",
	"ManufacturersModelName": "Prisma",
	"InstitutionName": "Warneford_Hospital",
	"InstitutionalDepartmentName": "BE3597",
	"InstitutionAddress": "Warneford_Lane_StreetNo_Oxford_District_GB_OX3_7JX",
	"DeviceSerialNumber": "66093",
	"StationName": "AWP66093",
	"BodyPartExamined": "BRAIN",
	"PatientPosition": "HFS",
	"SoftwareVersions": "syngo_MR_E11",
	"MRAcquisitionType": "2D",
	"SeriesDescription": "diff_AP_MPopt_MB3_50b1000_50b2000_8b0_lowflip",
	"ProtocolName": "diff_AP_MPopt_MB3_50b1000_50b2000_8b0_lowflip",
	"ScanningSequence": "EP",
	"SequenceVariant": "SK_SS",
	"ScanOptions": "PFP_FS",
	"SequenceName": "ep_b5#1",
	"ImageType": ["ORIGINAL", "PRIMARY", "DIFFUSION", "NONE", "MB", "ND", "MOSAIC"],
	"SeriesNumber": 17,
	"AcquisitionTime": "19:04:44.755000",
	"AcquisitionNumber": 1,
	"ImageComments": "Unaliased_MB3_PE3_SENSE1",
	"SliceThickness": 2,
	"SpacingBetweenSlices": 2,
	"SAR": 0.0937984,
	"EchoTime": 0.092,
	"RepetitionTime": 3.6,
	"FlipAngle": 78,
	"PartialFourier": 0.75,
	"BaseResolution": 104,
	"ShimSetting": [
		4965,
		-11370,
		-1358,
		507,
		22,
		-56,
		-11,
		8	],
	"TxRefAmp": 228.339,
	"PhaseResolution": 1,
	"ReceiveCoilName": "Head_32",
	"ReceiveCoilActiveElements": "HEA;HEP",
	"PulseSequenceDetails": "%CustomerSeq%_cmrr_mbep2d_diff",
	"ConsistencyInfo": "N4_VE11C_LATEST_20160120",
	"MultibandAccelerationFactor": 3,
	"PercentPhaseFOV": 100,
	"EchoTrainLength": 78,
	"PhaseEncodingSteps": 78,
	"AcquisitionMatrixPE": 104,
	"ReconMatrixPE": 104,
	"BandwidthPerPixelPhaseEncode": 14.351,
	"EffectiveEchoSpacing": 0.000670015,
	"DerivedVendorReportedEchoSpacing": 0.000670015,
	"TotalReadoutTime": 0.0690115,
	"PixelBandwidth": 1780,
	"DwellTime": 2.7e-06,
	"PhaseEncodingDirection": "j-",
	"SliceTiming": [
		0,
		1.6425,
		3.2825,
		1.3425,
		2.985,
		1.045,
		2.685,
		0.7475,
		2.3875,
		0.4475,
		2.09,
		0.15,
		1.79,
		3.4325,
		1.4925,
		3.1325,
		1.195,
		2.835,
		0.895,
		2.5375,
		0.5975,
		2.2375,
		0.3,
		1.94,
		0,
		1.6425,
		3.2825,
		1.3425,
		2.985,
		1.045,
		2.685,
		0.7475,
		2.3875,
		0.4475,
		2.09,
		0.15,
		1.79,
		3.4325,
		1.4925,
		3.1325,
		1.195,
		2.835,
		0.895,
		2.5375,
		0.5975,
		2.2375,
		0.3,
		1.94,
		0,
		1.6425,
		3.2825,
		1.3425,
		2.985,
		1.045,
		2.685,
		0.7475,
		2.3875,
		0.4475,
		2.09,
		0.15,
		1.79,
		3.4325,
		1.4925,
		3.1325,
		1.195,
		2.835,
		0.895,
		2.5375,
		0.5975,
		2.2375,
		0.3,
		1.94	],
	"ImageOrientationPatientDICOM": [
		0.997384,
		0.00505816,
		0.07211,
		4.05893e-08,
		0.997549,
		-0.0699737	],
	"InPlanePhaseEncodingDirectionDICOM": "COL",
	"ConversionSoftware": "dcm2niix",
	"ConversionSoftwareVersion": "v1.0.20180614 GCC6.3.0"
}
