{
    "Modality": "MR",
    "MagneticFieldStrength": 3,
    "Manufacturer": "Siemens",
    "ManufacturersModelName": "Prisma",
    "InstitutionName": "",
    "InstitutionalDepartmentName": "",
    "InstitutionAddress": "",
    "DeviceSerialNumber": "66093",
    "StationName": "",
    "BodyPartExamined": "BRAIN",
    "PatientPosition": "HFS",
    "SoftwareVersions": "syngo_MR_E11",
    "MRAcquisitionType": "2D",
    "SeriesDescription": "BOLD_2p4_MB6_P1_TE30_TR800_AP",
    "ProtocolName": "BOLD_2p4_MB6_P1_TE30_TR800_AP",
    "ScanningSequence": "EP",
    "SequenceVariant": "SK_SS",
    "ScanOptions": "FS",
    "SequenceName": "epfid2d1_90",
    "ImageType": [
        "ORIGINAL",
        "PRIMARY",
        "M",
        "MB",
        "ND",
        "MOSAIC"
    ],
    "SeriesNumber": 17,
    "AcquisitionTime": "",
    "AcquisitionNumber": 1,
    "ImageComments": "Unaliased_MB6_PE3_LB",
    "SliceThickness": 2.4,
    "SpacingBetweenSlices": 2.4,
    "SAR": 0.0820277,
    "EchoTime": 0.03,
    "RepetitionTime": 0.8,
    "FlipAngle": 52,
    "PartialFourier": 1,
    "BaseResolution": 90,
    "ShimSetting": [
        4957,
        -11386,
        -1382,
        605,
        65,
        142,
        -103,
        51
    ],
    "TxRefAmp": 241.3,
    "PhaseResolution": 1,
    "VendorReportedEchoSpacing": 0.00051,
    "ReceiveCoilName": "Head_32",
    "ReceiveCoilActiveElements": "HEA;HEP",
    "PulseSequenceDetails": "%CustomerSeq%_cmrr_mbep2d_bold",
    "ConsistencyInfo": "N4_VE11C_LATEST_20160120",
    "MultibandAccelerationFactor": 6,
    "PercentPhaseFOV": 100,
    "EchoTrainLength": 90,
    "PhaseEncodingSteps": 90,
    "AcquisitionMatrixPE": 90,
    "ReconMatrixPE": 90,
    "BandwidthPerPixelPhaseEncode": 21.786,
    "EffectiveEchoSpacing": 0.000510012,
    "DerivedVendorReportedEchoSpacing": 0.000510012,
    "TotalReadoutTime": 0.045391,
    "PixelBandwidth": 2780,
    "DwellTime": 2e-06,
    "PhaseEncodingDirection": "j-",
    "SliceTiming": [
        0,
        0.545,
        0.3125,
        0.0775,
        0.625,
        0.39,
        0.155,
        0.7025,
        0.4675,
        0.235,
        0,
        0.545,
        0.3125,
        0.0775,
        0.625,
        0.39,
        0.155,
        0.7025,
        0.4675,
        0.235,
        0,
        0.545,
        0.3125,
        0.0775,
        0.625,
        0.39,
        0.155,
        0.7025,
        0.4675,
        0.235,
        0,
        0.545,
        0.3125,
        0.0775,
        0.625,
        0.39,
        0.155,
        0.7025,
        0.4675,
        0.235,
        0,
        0.545,
        0.3125,
        0.0775,
        0.625,
        0.39,
        0.155,
        0.7025,
        0.4675,
        0.235,
        0,
        0.545,
        0.3125,
        0.0775,
        0.625,
        0.39,
        0.155,
        0.7025,
        0.4675,
        0.235
    ],
    "ImageOrientationPatientDICOM": [
        0.999862,
        0.00323189,
        0.0163185,
        8.23471e-09,
        0.980947,
        -0.194277
    ],
    "InPlanePhaseEncodingDirectionDICOM": "COL",
    "ConversionSoftware": "dcm2niix",
    "ConversionSoftwareVersion": "v1.0.20180614 GCC6.3.0",
    "TaskName": "Factorial"
}
