{
    "Modality": "MR",
    "MagneticFieldStrength": 3,
    "Manufacturer": "Siemens",
    "ManufacturersModelName": "Prisma",
    "InstitutionName": "",
    "InstitutionalDepartmentName": "",
    "InstitutionAddress": "",
    "DeviceSerialNumber": "66093",
    "StationName": "",
    "BodyPartExamined": "BRAIN",
    "PatientPosition": "HFS",
    "SoftwareVersions": "syngo_MR_E11",
    "MRAcquisitionType": "2D",
    "SeriesDescription": "diff_AP_MPopt_MB3_50b1000_50b2000_8b0_lowflip",
    "ProtocolName": "diff_AP_MPopt_MB3_50b1000_50b2000_8b0_lowflip",
    "ScanningSequence": "EP",
    "SequenceVariant": "SK_SS",
    "ScanOptions": "PFP_FS",
    "SequenceName": "ep_b5#1",
    "ImageType": [
        "ORIGINAL",
        "PRIMARY",
        "DIFFUSION",
        "NONE",
        "MB",
        "ND",
        "MOSAIC"
    ],
    "SeriesNumber": 17,
    "AcquisitionTime": "",
    "AcquisitionNumber": 1,
    "ImageComments": "Unaliased_MB3_PE3_SENSE1",
    "SliceThickness": 2,
    "SpacingBetweenSlices": 2,
    "SAR": 0.0808014,
    "EchoTime": 0.092,
    "RepetitionTime": 3.6,
    "FlipAngle": 78,
    "PartialFourier": 0.75,
    "BaseResolution": 104,
    "ShimSetting": [
        4931,
        -11400,
        -1480,
        479,
        68,
        44,
        -128,
        44
    ],
    "TxRefAmp": 229.361,
    "PhaseResolution": 1,
    "ReceiveCoilName": "Head_32",
    "ReceiveCoilActiveElements": "HEA;HEP",
    "PulseSequenceDetails": "%CustomerSeq%_cmrr_mbep2d_diff",
    "ConsistencyInfo": "N4_VE11C_LATEST_20160120",
    "MultibandAccelerationFactor": 3,
    "PercentPhaseFOV": 100,
    "EchoTrainLength": 78,
    "PhaseEncodingSteps": 78,
    "AcquisitionMatrixPE": 104,
    "ReconMatrixPE": 104,
    "BandwidthPerPixelPhaseEncode": 14.351,
    "EffectiveEchoSpacing": 0.000670015,
    "DerivedVendorReportedEchoSpacing": 0.000670015,
    "TotalReadoutTime": 0.0690115,
    "PixelBandwidth": 1780,
    "DwellTime": 2.7e-06,
    "PhaseEncodingDirection": "j-",
    "SliceTiming": [
        0,
        1.6425,
        3.2825,
        1.3425,
        2.985,
        1.045,
        2.685,
        0.7475,
        2.3875,
        0.4475,
        2.09,
        0.15,
        1.79,
        3.4325,
        1.4925,
        3.1325,
        1.195,
        2.835,
        0.895,
        2.5375,
        0.5975,
        2.2375,
        0.3,
        1.94,
        0,
        1.6425,
        3.2825,
        1.3425,
        2.985,
        1.045,
        2.685,
        0.7475,
        2.3875,
        0.4475,
        2.09,
        0.15,
        1.79,
        3.4325,
        1.4925,
        3.1325,
        1.195,
        2.835,
        0.895,
        2.5375,
        0.5975,
        2.2375,
        0.3,
        1.94,
        0,
        1.6425,
        3.2825,
        1.3425,
        2.985,
        1.045,
        2.685,
        0.7475,
        2.3875,
        0.4475,
        2.09,
        0.15,
        1.79,
        3.4325,
        1.4925,
        3.1325,
        1.195,
        2.835,
        0.895,
        2.5375,
        0.5975,
        2.2375,
        0.3,
        1.94
    ],
    "ImageOrientationPatientDICOM": [
        0.999996,
        0.00047294,
        0.00270917,
        -3.03437e-08,
        0.985104,
        -0.171958
    ],
    "InPlanePhaseEncodingDirectionDICOM": "COL",
    "ConversionSoftware": "dcm2niix",
    "ConversionSoftwareVersion": "v1.0.20180614 GCC6.3.0"
}