{
    "EchoTime1": "0.00492", 
    "InPlanePhaseEncodingDirectionDICOM": "COL", 
    "EchoTime2": "0.00738", 
    "ConsistencyInfo": "N4_VE11C_LATEST_20160120", 
    "DeviceSerialNumber": "66093", 
    "AcquisitionMatrixPE": 90, 
    "ImageOrientationPatientDICOM": [
        1, 
        0, 
        0, 
        0, 
        1, 
        0
    ], 
    "ManufacturersModelName": "Prisma", 
    "ProtocolName": "fieldmap_2p4mm_FoV_216x216x144", 
    "PhaseEncodingDirection": "j-", 
    "RepetitionTime": 0.59, 
    "SeriesNumber": 9, 
    "PhaseEncodingSteps": 90, 
    "MRAcquisitionType": "2D", 
    "SliceThickness": 2.4, 
    "AcquisitionNumber": 1, 
    "InstitutionName": "", 
    "DwellTime": 9.1e-06, 
    "TxRefAmp": 237.726, 
    "BodyPartExamined": "BRAIN", 
    "ReceiveCoilActiveElements": "HEA;HEP", 
    "SAR": 0.0798429, 
    "PulseSequenceDetails": "%SiemensSeq%_gre_field_mapping", 
    "ScanningSequence": "GR", 
    "Manufacturer": "Siemens", 
    "ConversionSoftware": "dcm2niix", 
    "PercentPhaseFOV": 100, 
    "ReconMatrixPE": 90, 
    "FlipAngle": 46, 
    "ConversionSoftwareVersion": "v1.0.20180614 GCC6.3.0", 
    "SeriesDescription": "fieldmap_2p4mm_FoV_216x216x144", 
    "PartialFourier": 1, 
    "InstitutionAddress": "", 
    "ShimSetting": [
        4953, 
        -11459, 
        -1416, 
        468, 
        28, 
        -78, 
        60, 
        14
    ], 
    "AcquisitionTime": "", 
    "SequenceName": "_fm2d2r", 
    "MagneticFieldStrength": 3, 
    "SpacingBetweenSlices": 2.4, 
    "ImageType": [
        "ORIGINAL", 
        "PRIMARY", 
        "P", 
        "ND"
    ], 
    "ReceiveCoilName": "Head_32", 
    "EchoTime": 0.00738, 
    "SequenceVariant": "SP", 
    "PhaseResolution": 1, 
    "BaseResolution": 90, 
    "PixelBandwidth": 610, 
    "SoftwareVersions": "syngo_MR_E11", 
    "EchoNumber": 2, 
    "StationName": "", 
    "Modality": "MR", 
    "InstitutionalDepartmentName": "", 
    "PatientPosition": "HFS"
}