{
	"Modality": "MR",
	"MagneticFieldStrength": 3,
	"Manufacturer": "Siemens",
	"ManufacturersModelName": "Prisma",
	"InstitutionName": "Warneford_Hospital",
	"InstitutionalDepartmentName": "BE3597",
	"InstitutionAddress": "Warneford_Lane_StreetNo_Oxford_District_GB_OX3_7JX",
	"DeviceSerialNumber": "66093",
	"StationName": "AWP66093",
	"BodyPartExamined": "BRAIN",
	"PatientPosition": "HFS",
	"SoftwareVersions": "syngo_MR_E11",
	"MRAcquisitionType": "2D",
	"SeriesDescription": "diff_AP_MPopt_MB3_50b1000_50b2000_8b0_lowflip",
	"ProtocolName": "diff_AP_MPopt_MB3_50b1000_50b2000_8b0_lowflip",
	"ScanningSequence": "EP",
	"SequenceVariant": "SK_SS",
	"ScanOptions": "PFP_FS",
	"SequenceName": "ep_b5#1",
	"ImageType": ["ORIGINAL", "PRIMARY", "DIFFUSION", "NONE", "MB", "ND", "MOSAIC"],
	"SeriesNumber": 17,
	"AcquisitionTime": "18:24:2.727500",
	"AcquisitionNumber": 1,
	"ImageComments": "Unaliased_MB3_PE3_SENSE1",
	"SliceThickness": 2,
	"SpacingBetweenSlices": 2,
	"SAR": 0.133025,
	"EchoTime": 0.092,
	"RepetitionTime": 3.6,
	"FlipAngle": 78,
	"PartialFourier": 0.75,
	"BaseResolution": 104,
	"ShimSetting": [
		4980,
		-11463,
		-1330,
		313,
		133,
		-27,
		-15,
		-6	],
	"TxRefAmp": 345.094,
	"PhaseResolution": 1,
	"ReceiveCoilName": "Head_32",
	"ReceiveCoilActiveElements": "HEA;HEP",
	"PulseSequenceDetails": "%CustomerSeq%_cmrr_mbep2d_diff",
	"ConsistencyInfo": "N4_VE11C_LATEST_20160120",
	"MultibandAccelerationFactor": 3,
	"PercentPhaseFOV": 100,
	"EchoTrainLength": 78,
	"PhaseEncodingSteps": 78,
	"AcquisitionMatrixPE": 104,
	"ReconMatrixPE": 104,
	"BandwidthPerPixelPhaseEncode": 14.351,
	"EffectiveEchoSpacing": 0.000670015,
	"DerivedVendorReportedEchoSpacing": 0.000670015,
	"TotalReadoutTime": 0.0690115,
	"PixelBandwidth": 1780,
	"DwellTime": 2.7e-06,
	"PhaseEncodingDirection": "j-",
	"SliceTiming": [
		0,
		1.64,
		3.28,
		1.3425,
		2.9825,
		1.0425,
		2.685,
		0.745,
		2.385,
		0.4475,
		2.0875,
		0.1475,
		1.79,
		3.43,
		1.49,
		3.1325,
		1.1925,
		2.8325,
		0.895,
		2.535,
		0.595,
		2.2375,
		0.2975,
		1.9375,
		0,
		1.64,
		3.28,
		1.3425,
		2.9825,
		1.0425,
		2.685,
		0.745,
		2.385,
		0.4475,
		2.0875,
		0.1475,
		1.79,
		3.43,
		1.49,
		3.1325,
		1.1925,
		2.8325,
		0.895,
		2.535,
		0.595,
		2.2375,
		0.2975,
		1.9375,
		0,
		1.64,
		3.28,
		1.3425,
		2.9825,
		1.0425,
		2.685,
		0.745,
		2.385,
		0.4475,
		2.0875,
		0.1475,
		1.79,
		3.43,
		1.49,
		3.1325,
		1.1925,
		2.8325,
		0.895,
		2.535,
		0.595,
		2.2375,
		0.2975,
		1.9375	],
	"ImageOrientationPatientDICOM": [
		0.999805,
		-0.00470945,
		-0.0191744,
		1.45623e-08,
		0.971137,
		-0.238521	],
	"InPlanePhaseEncodingDirectionDICOM": "COL",
	"ConversionSoftware": "dcm2niix",
	"ConversionSoftwareVersion": "v1.0.20180614 GCC6.3.0"
}
