{
	"Modality": "MR",
	"MagneticFieldStrength": 3,
	"Manufacturer": "Siemens",
	"ManufacturersModelName": "Prisma",
	"InstitutionName": "Warneford_Hospital",
	"InstitutionalDepartmentName": "BE3597",
	"InstitutionAddress": "Warneford_Lane_StreetNo_Oxford_District_GB_OX3_7JX",
	"DeviceSerialNumber": "66093",
	"StationName": "AWP66093",
	"BodyPartExamined": "BRAIN",
	"PatientPosition": "HFS",
	"SoftwareVersions": "syngo_MR_E11",
	"MRAcquisitionType": "3D",
	"SeriesDescription": "t1_mpr_ax_1mm_iso_64ch_v2",
	"ProtocolName": "t1_mpr_ax_1mm_iso_64ch_v2",
	"ScanningSequence": "GR_IR",
	"SequenceVariant": "SK_SP_MP",
	"ScanOptions": "IR_WE",
	"SequenceName": "_tfl3d1_16",
	"ImageType": ["ORIGINAL", "PRIMARY", "M", "ND", "NORM"],
	"SeriesNumber": 3,
	"AcquisitionTime": "13:58:9.355000",
	"AcquisitionNumber": 1,
	"SliceThickness": 1,
	"SAR": 0.0485733,
	"EchoTime": 0.00397,
	"RepetitionTime": 1.9,
	"InversionTime": 0.904,
	"FlipAngle": 8,
	"PartialFourier": 1,
	"BaseResolution": 192,
	"ShimSetting": [
		4963,
		-11423,
		-1412,
		467,
		31,
		-139,
		50,
		29	],
	"TxRefAmp": 237.726,
	"PhaseResolution": 1,
	"ReceiveCoilName": "Head_32",
	"ReceiveCoilActiveElements": "HEA;HEP",
	"PulseSequenceDetails": "%SiemensSeq%_tfl",
	"ConsistencyInfo": "N4_VE11C_LATEST_20160120",
	"PercentPhaseFOV": 90.625,
	"PhaseEncodingSteps": 174,
	"AcquisitionMatrixPE": 174,
	"ReconMatrixPE": 192,
	"PixelBandwidth": 200,
	"DwellTime": 1.3e-05,
	"ImageOrientationPatientDICOM": [
		1,
		4.896e-12,
		-8.5e-14,
		-4.897e-12,
		0.999848,
		-0.0174524	],
	"InPlanePhaseEncodingDirectionDICOM": "ROW",
	"ConversionSoftware": "dcm2niix",
	"ConversionSoftwareVersion": "v1.0.20180614 GCC6.3.0"
}
