{
    "Modality": "MR",
    "MagneticFieldStrength": 3,
    "Manufacturer": "Siemens",
    "ManufacturersModelName": "Prisma",
    "InstitutionName": "",
    "InstitutionalDepartmentName": "",
    "InstitutionAddress": "",
    "DeviceSerialNumber": "66093",
    "StationName": "",
    "BodyPartExamined": "BRAIN",
    "PatientPosition": "HFS",
    "SoftwareVersions": "syngo_MR_E11",
    "MRAcquisitionType": "2D",
    "SeriesDescription": "diff_AP_MPopt_MB3_50b1000_50b2000_8b0_lowflip",
    "ProtocolName": "diff_AP_MPopt_MB3_50b1000_50b2000_8b0_lowflip",
    "ScanningSequence": "EP",
    "SequenceVariant": "SK_SS",
    "ScanOptions": "PFP_FS",
    "SequenceName": "ep_b5#1",
    "ImageType": [
        "ORIGINAL",
        "PRIMARY",
        "DIFFUSION",
        "NONE",
        "MB",
        "ND",
        "MOSAIC"
    ],
    "SeriesNumber": 17,
    "AcquisitionTime": "",
    "AcquisitionNumber": 1,
    "ImageComments": "Unaliased_MB3_PE3_SENSE1",
    "SliceThickness": 2,
    "SpacingBetweenSlices": 2,
    "SAR": 0.0850656,
    "EchoTime": 0.092,
    "RepetitionTime": 3.6,
    "FlipAngle": 78,
    "PartialFourier": 0.75,
    "BaseResolution": 104,
    "ShimSetting": [
        4958,
        -11516,
        -1339,
        407,
        61,
        -10,
        -92,
        31
    ],
    "TxRefAmp": 232.617,
    "PhaseResolution": 1,
    "ReceiveCoilName": "Head_32",
    "ReceiveCoilActiveElements": "HEA;HEP",
    "PulseSequenceDetails": "%CustomerSeq%_cmrr_mbep2d_diff",
    "ConsistencyInfo": "N4_VE11C_LATEST_20160120",
    "MultibandAccelerationFactor": 3,
    "PercentPhaseFOV": 100,
    "EchoTrainLength": 78,
    "PhaseEncodingSteps": 78,
    "AcquisitionMatrixPE": 104,
    "ReconMatrixPE": 104,
    "BandwidthPerPixelPhaseEncode": 14.351,
    "EffectiveEchoSpacing": 0.000670015,
    "DerivedVendorReportedEchoSpacing": 0.000670015,
    "TotalReadoutTime": 0.0690115,
    "PixelBandwidth": 1780,
    "DwellTime": 2.7e-06,
    "PhaseEncodingDirection": "j-",
    "SliceTiming": [
        0,
        1.64,
        3.28,
        1.3425,
        2.9825,
        1.0425,
        2.685,
        0.745,
        2.385,
        0.4475,
        2.0875,
        0.1475,
        1.79,
        3.43,
        1.49,
        3.1325,
        1.1925,
        2.8325,
        0.895,
        2.535,
        0.595,
        2.2375,
        0.2975,
        1.9375,
        0,
        1.64,
        3.28,
        1.3425,
        2.9825,
        1.0425,
        2.685,
        0.745,
        2.385,
        0.4475,
        2.0875,
        0.1475,
        1.79,
        3.43,
        1.49,
        3.1325,
        1.1925,
        2.8325,
        0.895,
        2.535,
        0.595,
        2.2375,
        0.2975,
        1.9375,
        0,
        1.64,
        3.28,
        1.3425,
        2.9825,
        1.0425,
        2.685,
        0.745,
        2.385,
        0.4475,
        2.0875,
        0.1475,
        1.79,
        3.43,
        1.49,
        3.1325,
        1.1925,
        2.8325,
        0.895,
        2.535,
        0.595,
        2.2375,
        0.2975,
        1.9375
    ],
    "ImageOrientationPatientDICOM": [
        0.999422,
        0.00337944,
        0.0338282,
        6.45467e-08,
        0.995047,
        -0.0994071
    ],
    "InPlanePhaseEncodingDirectionDICOM": "COL",
    "ConversionSoftware": "dcm2niix",
    "ConversionSoftwareVersion": "v1.0.20180614 GCC6.3.0"
}