{
    "Modality": "MR",
    "MagneticFieldStrength": 3,
    "Manufacturer": "Siemens",
    "ManufacturersModelName": "Prisma",
    "InstitutionName": "",
    "InstitutionalDepartmentName": "",
    "InstitutionAddress": "",
    "DeviceSerialNumber": "66093",
    "StationName": "",
    "BodyPartExamined": "BRAIN",
    "PatientPosition": "HFS",
    "SoftwareVersions": "syngo_MR_E11",
    "MRAcquisitionType": "2D",
    "SeriesDescription": "diff_PA_MPopt_MB3_3b0_lowflip",
    "ProtocolName": "diff_PA_MPopt_MB3_3b0_lowflip",
    "ScanningSequence": "EP",
    "SequenceVariant": "SK_SS",
    "ScanOptions": "PFP_FS",
    "SequenceName": "ep_b5#1",
    "ImageType": [
        "ORIGINAL",
        "PRIMARY",
        "DIFFUSION",
        "NONE",
        "MB",
        "ND"
    ],
    "SeriesNumber": 23,
    "AcquisitionTime": "",
    "AcquisitionNumber": 1,
    "ImageComments": "Unaliased_MB3_PE3_SENSE1",
    "SliceThickness": 2,
    "SpacingBetweenSlices": 2,
    "SAR": 0.0786841,
    "EchoTime": 0.092,
    "RepetitionTime": 3.6,
    "FlipAngle": 78,
    "PartialFourier": 0.75,
    "BaseResolution": 104,
    "ShimSetting": [
        4953,
        -11417,
        -1293,
        472,
        19,
        107,
        13,
        19
    ],
    "TxRefAmp": 260.989,
    "PhaseResolution": 1,
    "ReceiveCoilName": "Head_32",
    "ReceiveCoilActiveElements": "HEA;HEP",
    "PulseSequenceDetails": "%CustomerSeq%_cmrr_mbep2d_diff",
    "ConsistencyInfo": "N4_VE11C_LATEST_20160120",
    "PercentPhaseFOV": 100,
    "EchoTrainLength": 78,
    "PhaseEncodingSteps": 78,
    "AcquisitionMatrixPE": 104,
    "ReconMatrixPE": 104,
    "BandwidthPerPixelPhaseEncode": 14.351,
    "EffectiveEchoSpacing": 0.000670015,
    "DerivedVendorReportedEchoSpacing": 0.000670015,
    "TotalReadoutTime": 0.0690115,
    "PixelBandwidth": 1780,
    "DwellTime": 2.7e-06,
    "PhaseEncodingDirection": "j",
    "ImageOrientationPatientDICOM": [
        0.999862,
        0.00121906,
        0.0165907,
        2.22425e-08,
        0.997311,
        -0.073282
    ],
    "InPlanePhaseEncodingDirectionDICOM": "COL",
    "ConversionSoftware": "dcm2niix",
    "ConversionSoftwareVersion": "v1.0.20180614 GCC6.3.0"
}